PATH
  remote: .
  specs:
    monk-id-client (0.0.1)
      json
      typhoeus

GEM
  remote: https://rubygems.org/
  specs:
    ethon (0.5.7)
      ffi (~> 1.2.0)
      mime-types (~> 1.18)
    ffi (1.2.0)
    json (1.7.5)
    mime-types (1.19)
    typhoeus (0.5.3)
      ethon (~> 0.5.3)

PLATFORMS
  ruby

DEPENDENCIES
  monk-id-client!
