PATH
  remote: .
  specs:
    monk-id-client (0.0.1)
      json
      typhoeus

GEM
  remote: https://rubygems.org/
  specs:
    json (1.7.3)
    mime-types (1.18)
    typhoeus (0.3.3)
      mime-types

PLATFORMS
  ruby

DEPENDENCIES
  monk-id-client!
