PATH
  remote: .
  specs:
    monk-id-client (0.0.1)
      json
      typhoeus

GEM
  remote: https://rubygems.org/
  specs:
    ffi (1.1.0)
    json (1.7.3)
    mime-types (1.19)
    typhoeus (0.4.2)
      ffi (~> 1.0)
      mime-types (~> 1.18)

PLATFORMS
  ruby

DEPENDENCIES
  monk-id-client!
